GIT
  remote: git://github.com/leandro/hobbit.git
  revision: 574b471c57467197ed0be1655bcfc8e40421cb96
  specs:
    hobbit (0.6.1)
      rack

GEM
  remote: https://rubygems.org/
  specs:
    daemons (1.1.9)
    eventmachine (1.0.3)
    rack (1.5.2)
    sqlite3 (1.3.9)
    thin (1.6.2)
      daemons (>= 1.0.9)
      eventmachine (>= 1.0.0)
      rack (>= 1.0.0)

PLATFORMS
  ruby

DEPENDENCIES
  hobbit!
  sqlite3
  thin
