GEM
  remote: https://rubygems.org/
  specs:
    hobbit (0.6.0)
      rack
    puma (2.9.1)
      rack (>= 1.1, < 2.0)
    rack (1.5.2)
    sqlite3 (1.3.9)

PLATFORMS
  ruby

DEPENDENCIES
  hobbit
  puma
  sqlite3
